GEM
  remote: https://rubygems.org/
  specs:
    bubble-wrap (1.4.0)
    rake (10.1.1)
    sugarcube (1.4.1)

PLATFORMS
  ruby

DEPENDENCIES
  bubble-wrap
  rake
  sugarcube
