GEM
  remote: https://rubygems.org/
  specs:
    bubble-wrap (1.8.0)
    rake (10.4.2)
    sugarcube (3.3.5)

PLATFORMS
  ruby

DEPENDENCIES
  bubble-wrap
  rake
  sugarcube
