GEM
  remote: https://rubygems.org/
  specs:
    bubble-wrap (1.9.7)
    rake (13.0.6)
    sugarcube (4.0.0)

PLATFORMS
  ruby

DEPENDENCIES
  bubble-wrap
  rake
  sugarcube

BUNDLED WITH
   2.1.4
