GEM
  remote: https://rubygems.org/
  specs:
    rake (10.1.1)
    sugarcube (1.4.1)

PLATFORMS
  ruby

DEPENDENCIES
  rake
  sugarcube
